GEM
  remote: http://rubygems.org/
  specs:
    acl9 (0.12.0)
    actionmailer (2.3.8)
      actionpack (= 2.3.8)
    actionpack (2.3.8)
      activesupport (= 2.3.8)
      rack (~> 1.1.0)
    activerecord (2.3.8)
      activesupport (= 2.3.8)
    activeresource (2.3.8)
      activesupport (= 2.3.8)
    activesupport (2.3.8)
    authlogic (2.1.6)
      activesupport
    brI18n (2.1.15)
      actionpack (>= 2.3.2, < 3.0.0)
      activerecord (>= 2.3.2, < 3.0.0)
      activesupport (>= 2.3.2, < 3.0.0)
    brazilian-rails (2.1.13)
      brI18n (>= 2.1.13)
      brcep (>= 2.1.13)
      brcpfcnpj (>= 2.1.13)
      brdata (>= 2.1.13)
      brdinheiro (>= 2.1.13)
      brhelper (>= 2.1.13)
      brnumeros (>= 2.1.13)
      brstring (>= 2.1.13)
    brcep (3.0.1)
    brcpfcnpj (2.1.15)
      actionpack (>= 2.3.2, < 3.0.0)
      activesupport (>= 2.3.2, < 3.0.0)
    brdata (2.1.15)
      actionpack (>= 2.3.2, < 3.0.0)
      activesupport (>= 2.3.2, < 3.0.0)
    brdinheiro (2.1.15)
      actionpack (>= 2.3.2, < 3.0.0)
      activerecord (>= 2.3.2, < 3.0.0)
      brnumeros (= 2.1.15)
    brhelper (2.1.15)
      actionpack (>= 2.3.2, < 3.0.0)
      activesupport (>= 2.3.2, < 3.0.0)
    brnumeros (2.1.15)
    brstring (2.1.15)
      activesupport (>= 2.3.2, < 3.0.0)
    builder (2.1.2)
    calendar_date_select (1.16.1)
    configuration (1.1.0)
    cucumber (0.9.4)
      builder (~> 2.1.2)
      diff-lcs (~> 1.1.2)
      gherkin (~> 2.2.9)
      json (~> 1.4.6)
      term-ansicolor (~> 1.0.5)
    cucumber-rails (0.3.2)
      cucumber (>= 0.8.0)
    database_cleaner (0.4.3)
    diff-lcs (1.1.2)
    email_spec (0.6.2)
    factory_girl (1.3.2)
    gherkin (2.2.9)
      json (~> 1.4.6)
      term-ansicolor (~> 1.0.5)
    i18n (0.3.7)
    json (1.4.6)
    launchy (0.3.7)
      configuration (>= 0.0.5)
      rake (>= 0.8.1)
    mysql (2.8.1)
    nokogiri (1.4.4)
    rack (1.1.0)
    rack-test (0.5.6)
      rack (>= 1.0)
    rails (2.3.8)
      actionmailer (= 2.3.8)
      actionpack (= 2.3.8)
      activerecord (= 2.3.8)
      activeresource (= 2.3.8)
      activesupport (= 2.3.8)
      rake (>= 0.8.3)
    rake (0.8.7)
    remarkable (3.1.13)
      rspec (>= 1.2.0)
    remarkable_activerecord (3.1.13)
      remarkable (~> 3.1.13)
      rspec (>= 1.2.0)
    remarkable_rails (3.1.10)
      remarkable (~> 3.1.10)
      remarkable_activerecord (~> 3.1.10)
      rspec (>= 1.2.0)
      rspec-rails (>= 1.2.0)
    rspec (1.3.0)
    rspec-rails (1.3.2)
      rack (>= 1.0.0)
      rspec (>= 1.3.0)
    term-ansicolor (1.0.5)
    webrat (0.7.2)
      nokogiri (>= 1.2.0)
      rack (>= 1.0)
      rack-test (>= 0.5.3)
    will_paginate (2.3.11)

PLATFORMS
  ruby

DEPENDENCIES
  acl9 (= 0.12.0)
  authlogic (= 2.1.6)
  brazilian-rails (= 2.1.13)
  calendar_date_select (= 1.16.1)
  cucumber-rails (= 0.3.2)
  database_cleaner (= 0.4.3)
  email_spec (= 0.6.2)
  factory_girl (= 1.3.2)
  i18n (= 0.3.7)
  launchy
  mysql (= 2.8.1)
  rails (= 2.3.8)
  remarkable_rails (= 3.1.10)
  rspec (= 1.3.0)
  rspec-rails (= 1.3.2)
  webrat (= 0.7.2)
  will_paginate (= 2.3.11)

METADATA
  version: 1.0.6
